PATH
  remote: .
  specs:
    systemd_mon (0.1.0)
      ruby-dbus (~> 0.11.0)

GEM
  remote: https://rubygems.org/
  specs:
    rake (11.3.0)
    ruby-dbus (0.11.2)

PLATFORMS
  ruby

DEPENDENCIES
  bundler (~> 1.6)
  rake
  systemd_mon!

BUNDLED WITH
   1.13.6
